GEM
  remote: https://rubygems.org/
  specs:
    cinch (2.2.5)
    coderay (1.1.0)
    colorize (0.7.7)
    method_source (0.8.2)
    net-ping (1.7.7)
    pry (0.10.1)
      coderay (~> 1.1.0)
      method_source (~> 0.8.1)
      slop (~> 3.4)
    slop (3.6.0)

PLATFORMS
  ruby

DEPENDENCIES
  cinch
  colorize
  net-ping
  pry
