GEM
  remote: https://rubygems.org/
  specs:
    cinch (2.2.6)
    coderay (1.1.0)
    colorize (0.7.7)
    highline (1.7.3)
    htauth (1.2.0)
      highline (~> 1.6)
    method_source (0.8.2)
    net-ping (1.7.7)
    nomorebeer (1.0)
    pg (0.18.2)
    pry (0.10.1)
      coderay (~> 1.1.0)
      method_source (~> 0.8.1)
      slop (~> 3.4)
    sequel (4.25.0)
    slop (3.6.0)
    sqlite3 (1.3.10)

PLATFORMS
  ruby

DEPENDENCIES
  cinch
  colorize
  htauth
  net-ping
  nomorebeer
  pg
  pry
  sequel
  sqlite3

BUNDLED WITH
   1.10.5
